GEM
  remote: http://rubygems.org/
  specs:
    elasticsearch (7.5.0)
      elasticsearch-api (= 7.5.0)
      elasticsearch-transport (= 7.5.0)
    elasticsearch-api (7.5.0)
      multi_json
    elasticsearch-transport (7.5.0)
      faraday (>= 0.14, < 1)
      multi_json
    faraday (0.17.4)
      multipart-post (>= 1.2, < 3)
    mimemagic (0.3.10)
      nokogiri (~> 1)
      rake
    mini_portile2 (2.8.1)
    multi_json (1.15.0)
    multipart-post (2.1.1)
    nio4r (2.5.9)
    nokogiri (1.13.10)
      mini_portile2 (~> 2.8.0)
      racc (~> 1.4)
    puma (5.6.7)
      nio4r (~> 2.0)
    racc (1.6.2)
    rack (2.2.3)
    rack-rewrite (1.5.1)
    rake (13.0.6)
    sendgrid-ruby (1.1.6)
      faraday (~> 0.9)
      mimemagic
      smtpapi (~> 0.1)
    smtpapi (0.1.0)

PLATFORMS
  ruby

DEPENDENCIES
  elasticsearch
  mimemagic (~> 0.3.7)
  puma
  rack
  rack-rewrite
  sendgrid-ruby (< 3.0)

RUBY VERSION
   ruby 2.6.7p197

BUNDLED WITH
   1.17.2
